GEM
  remote: https://rubygems.org/
  specs:
    dnsimple (4.1.0)
      httparty
    httparty (0.14.0)
      multi_xml (>= 0.5.2)
    multi_xml (0.6.0)

PLATFORMS
  ruby

DEPENDENCIES
  dnsimple

BUNDLED WITH
   1.14.4
